GEM
  remote: https://rubygems.org/
  specs:
    actioncable (7.1.3.2)
      actionpack (= 7.1.3.2)
      activesupport (= 7.1.3.2)
      nio4r (~> 2.0)
      websocket-driver (>= 0.6.1)
      zeitwerk (~> 2.6)
    actionmailbox (7.1.3.2)
      actionpack (= 7.1.3.2)
      activejob (= 7.1.3.2)
      activerecord (= 7.1.3.2)
      activestorage (= 7.1.3.2)
      activesupport (= 7.1.3.2)
      mail (>= 2.7.1)
      net-imap
      net-pop
      net-smtp
    actionmailer (7.1.3.2)
      actionpack (= 7.1.3.2)
      actionview (= 7.1.3.2)
      activejob (= 7.1.3.2)
      activesupport (= 7.1.3.2)
      mail (~> 2.5, >= 2.5.4)
      net-imap
      net-pop
      net-smtp
      rails-dom-testing (~> 2.2)
    actionpack (7.1.3.2)
      actionview (= 7.1.3.2)
      activesupport (= 7.1.3.2)
      nokogiri (>= 1.8.5)
      racc
      rack (>= 2.2.4)
      rack-session (>= 1.0.1)
      rack-test (>= 0.6.3)
      rails-dom-testing (~> 2.2)
      rails-html-sanitizer (~> 1.6)
    actiontext (7.1.3.2)
      actionpack (= 7.1.3.2)
      activerecord (= 7.1.3.2)
      activestorage (= 7.1.3.2)
      activesupport (= 7.1.3.2)
      globalid (>= 0.6.0)
      nokogiri (>= 1.8.5)
    actionview (7.1.3.2)
      activesupport (= 7.1.3.2)
      builder (~> 3.1)
      erubi (~> 1.11)
      rails-dom-testing (~> 2.2)
      rails-html-sanitizer (~> 1.6)
    activejob (7.1.3.2)
      activesupport (= 7.1.3.2)
      globalid (>= 0.3.6)
    activemodel (7.1.3.2)
      activesupport (= 7.1.3.2)
    activerecord (7.1.3.2)
      activemodel (= 7.1.3.2)
      activesupport (= 7.1.3.2)
      timeout (>= 0.4.0)
    activestorage (7.1.3.2)
      actionpack (= 7.1.3.2)
      activejob (= 7.1.3.2)
      activerecord (= 7.1.3.2)
      activesupport (= 7.1.3.2)
      marcel (~> 1.0)
    activesupport (7.1.3.2)
      base64
      bigdecimal
      concurrent-ruby (~> 1.0, >= 1.0.2)
      connection_pool (>= 2.2.5)
      drb
      i18n (>= 1.6, < 2)
      minitest (>= 5.1)
      mutex_m
      tzinfo (~> 2.0)
    addressable (2.8.6)
      public_suffix (>= 2.0.2, < 6.0)
    base64 (0.2.0)
    bigdecimal (3.1.7)
    bindex (0.8.1)
    bootsnap (1.18.3)
      msgpack (~> 1.2)
    builder (3.2.4)
    capybara (3.40.0)
      addressable
      matrix
      mini_mime (>= 0.1.3)
      nokogiri (~> 1.11)
      rack (>= 1.6.0)
      rack-test (>= 0.6.3)
      regexp_parser (>= 1.5, < 3.0)
      xpath (~> 3.2)
    concurrent-ruby (1.2.3)
    connection_pool (2.4.1)
    crass (1.0.6)
    date (3.3.4)
    debug (1.9.2)
      irb (~> 1.10)
      reline (>= 0.3.8)
    drb (2.2.1)
    erubi (1.12.0)
    globalid (1.2.1)
      activesupport (>= 6.1)
    i18n (1.14.4)
      concurrent-ruby (~> 1.0)
    importmap-rails (2.0.1)
      actionpack (>= 6.0.0)
      activesupport (>= 6.0.0)
      railties (>= 6.0.0)
    io-console (0.7.2)
    irb (1.12.0)
      rdoc
      reline (>= 0.4.2)
    jbuilder (2.12.0)
      actionview (>= 5.0.0)
      activesupport (>= 5.0.0)
    loofah (2.22.0)
      crass (~> 1.0.2)
      nokogiri (>= 1.12.0)
    mail (2.8.1)
      mini_mime (>= 0.1.1)
      net-imap
      net-pop
      net-smtp
    marcel (1.0.4)
    matrix (0.4.2)
    mini_mime (1.1.5)
    minitest (5.22.3)
    msgpack (1.7.2)
    mutex_m (0.2.0)
    net-imap (0.4.10)
      date
      net-protocol
    net-pop (0.1.2)
      net-protocol
    net-protocol (0.2.2)
      timeout
    net-smtp (0.5.0)
      net-protocol
    nio4r (2.7.1)
    nokogiri (1.16.4-aarch64-linux)
      racc (~> 1.4)
    nokogiri (1.16.4-arm-linux)
      racc (~> 1.4)
    nokogiri (1.16.4-arm64-darwin)
      racc (~> 1.4)
    nokogiri (1.16.4-x86-linux)
      racc (~> 1.4)
    nokogiri (1.16.4-x86_64-darwin)
      racc (~> 1.4)
    nokogiri (1.16.4-x86_64-linux)
      racc (~> 1.4)
    psych (5.1.2)
      stringio
    public_suffix (5.0.5)
    puma (6.4.2)
      nio4r (~> 2.0)
    racc (1.7.3)
    rack (3.0.10)
    rack-session (2.0.0)
      rack (>= 3.0.0)
    rack-test (2.1.0)
      rack (>= 1.3)
    rackup (2.1.0)
      rack (>= 3)
      webrick (~> 1.8)
    rails (7.1.3.2)
      actioncable (= 7.1.3.2)
      actionmailbox (= 7.1.3.2)
      actionmailer (= 7.1.3.2)
      actionpack (= 7.1.3.2)
      actiontext (= 7.1.3.2)
      actionview (= 7.1.3.2)
      activejob (= 7.1.3.2)
      activemodel (= 7.1.3.2)
      activerecord (= 7.1.3.2)
      activestorage (= 7.1.3.2)
      activesupport (= 7.1.3.2)
      bundler (>= 1.15.0)
      railties (= 7.1.3.2)
    rails-dom-testing (2.2.0)
      activesupport (>= 5.0.0)
      minitest
      nokogiri (>= 1.6)
    rails-html-sanitizer (1.6.0)
      loofah (~> 2.21)
      nokogiri (~> 1.14)
    railties (7.1.3.2)
      actionpack (= 7.1.3.2)
      activesupport (= 7.1.3.2)
      irb
      rackup (>= 1.0.0)
      rake (>= 12.2)
      thor (~> 1.0, >= 1.2.2)
      zeitwerk (~> 2.6)
    rake (13.2.1)
    rdoc (6.6.3.1)
      psych (>= 4.0.0)
    regexp_parser (2.9.0)
    reline (0.5.4)
      io-console (~> 0.5)
    rexml (3.2.6)
    rubyzip (2.3.2)
    selenium-webdriver (4.20.1)
      base64 (~> 0.2)
      rexml (~> 3.2, >= 3.2.5)
      rubyzip (>= 1.2.2, < 3.0)
      websocket (~> 1.0)
    sprockets (4.2.1)
      concurrent-ruby (~> 1.0)
      rack (>= 2.2.4, < 4)
    sprockets-rails (3.4.2)
      actionpack (>= 5.2)
      activesupport (>= 5.2)
      sprockets (>= 3.0.0)
    sqlite3 (1.7.3-aarch64-linux)
    sqlite3 (1.7.3-arm-linux)
    sqlite3 (1.7.3-arm64-darwin)
    sqlite3 (1.7.3-x86-linux)
    sqlite3 (1.7.3-x86_64-darwin)
    sqlite3 (1.7.3-x86_64-linux)
    stimulus-rails (1.3.3)
      railties (>= 6.0.0)
    stringio (3.1.0)
    thor (1.3.1)
    timeout (0.4.1)
    turbo-rails (2.0.5)
      actionpack (>= 6.0.0)
      activejob (>= 6.0.0)
      railties (>= 6.0.0)
    tzinfo (2.0.6)
      concurrent-ruby (~> 1.0)
    web-console (4.2.1)
      actionview (>= 6.0.0)
      activemodel (>= 6.0.0)
      bindex (>= 0.4.0)
      railties (>= 6.0.0)
    webrick (1.8.1)
    websocket (1.2.10)
    websocket-driver (0.7.6)
      websocket-extensions (>= 0.1.0)
    websocket-extensions (0.1.5)
    xpath (3.2.0)
      nokogiri (~> 1.8)
    zeitwerk (2.6.13)

PLATFORMS
  aarch64-linux
  arm-linux
  arm64-darwin
  x86-linux
  x86_64-darwin
  x86_64-linux

DEPENDENCIES
  bootsnap
  capybara
  debug
  importmap-rails
  jbuilder
  puma (>= 5.0)
  rails (~> 7.1.3, >= 7.1.3.2)
  selenium-webdriver
  sprockets-rails
  sqlite3 (~> 1.4)
  stimulus-rails
  turbo-rails
  tzinfo-data
  web-console

CHECKSUMS
  actioncable (7.1.3.2) sha256=e162ce4094368e86237cbf8345cc78c2c7cf1fddaf5d8aacf86428d32cf9d145
  actionmailbox (7.1.3.2) sha256=2493fe676720b6f82a7f0c0396b7ebc41e08ca2abbf5e9c3c9cd11f68bb3b8a9
  actionmailer (7.1.3.2) sha256=dab3ad5df3053c24e68c96d88394a3d9d45090dbd3f0c9b2d68b43d78aed5504
  actionpack (7.1.3.2) sha256=b8f958d5d77e17b0fcbcd21f03eedac0405b0bf17421479be38529cf4a263b58
  actiontext (7.1.3.2) sha256=ece807199490521c8d7c8048899fdd110951073c04bf38883b6d3193bcd3c52a
  actionview (7.1.3.2) sha256=369b1a33764017d017623622a33b6be007c7c0de3d1a4f1e9676466e3b5909cf
  activejob (7.1.3.2) sha256=d2a90501e8b8697eac541c1cf9aa23ac330d40dc4f5b7fb87cdf17d336f7f221
  activemodel (7.1.3.2) sha256=108e5262f96333c694e0fdba0209de5beeec1084b9a947940c259450f45d715c
  activerecord (7.1.3.2) sha256=4872900c3340948e2fc92ea08397034eaacd8cec1760ed7704975a116cc78173
  activestorage (7.1.3.2) sha256=283777f15a5ae2519ccf2a573968fa7afaea02d24b90cd6e0c23f77331069727
  activesupport (7.1.3.2) sha256=ad8445b7ae4a6d3acc5f88c8c5f437eb0b54062032aaf44856c7b6d3855b8b2e
  addressable (2.8.6) sha256=798f6af3556641a7619bad1dce04cdb6eb44b0216a991b0396ea7339276f2b47
  base64 (0.2.0) sha256=0f25e9b21a02a0cc0cea8ef92b2041035d39350946e8789c562b2d1a3da01507
  bigdecimal (3.1.7) sha256=e799b369a0005fc6d62eed7ef19139ac9bc319cc51470c637b9dcdf593600133
  bindex (0.8.1) sha256=7b1ecc9dc539ed8bccfc8cb4d2732046227b09d6f37582ff12e50a5047ceb17e
  bootsnap (1.18.3) sha256=d7b70de761e2fb1d63d21dd941b393c881c5cab5575211369cede788dfc034eb
  builder (3.2.4) sha256=99caf08af60c8d7f3a6b004029c4c3c0bdaebced6c949165fe98f1db27fbbc10
  capybara (3.40.0) sha256=42dba720578ea1ca65fd7a41d163dd368502c191804558f6e0f71b391054aeef
  concurrent-ruby (1.2.3) sha256=82fdd3f8a0816e28d513e637bb2b90a45d7b982bdf4f3a0511722d2e495801e2
  connection_pool (2.4.1) sha256=0f40cf997091f1f04ff66da67eabd61a9fe0d4928b9a3645228532512fab62f4
  crass (1.0.6) sha256=dc516022a56e7b3b156099abc81b6d2b08ea1ed12676ac7a5657617f012bd45d
  date (3.3.4) sha256=971f2cb66b945bcbea4ddd9c7908c9400b31a71bc316833cb42fa584b59d3291
  debug (1.9.2) sha256=48e026c0852c7a10c60263e2e527968308958e266231e36d64e3efcabec7e7fc
  drb (2.2.1) sha256=e9d472bf785f558b96b25358bae115646da0dbfd45107ad858b0bc0d935cb340
  erubi (1.12.0) sha256=27bedb74dfb1e04ff60674975e182d8ca787f2224f2e8143268c7696f42e4723
  globalid (1.2.1) sha256=70bf76711871f843dbba72beb8613229a49429d1866828476f9c9d6ccc327ce9
  i18n (1.14.4) sha256=c7deedead0866ea9102975a4eab7968f53de50793a0c211a37808f75dd187551
  importmap-rails (2.0.1) sha256=e739a6e70c09f797688c6983fa79567ec1edc9becc30d55b3f7cc897b1825586
  io-console (0.7.2) sha256=f0dccff252f877a4f60d04a4dc6b442b185ebffb4b320ab69212a92b48a7a221
  irb (1.12.0) sha256=07634937fbb7d28d07e46da50d0aa43b4d2f7258174d08de4e32dfb57c10539d
  jbuilder (2.12.0) sha256=47e9be3240b8901cabbbfa2191a2a87fcab01630816fb8b979e787cf268726d2
  loofah (2.22.0) sha256=10d76e070c86b12fec74b6a9515fd1940f4459198b991342d0a7897d86c372fe
  mail (2.8.1) sha256=ec3b9fadcf2b3755c78785cb17bc9a0ca9ee9857108a64b6f5cfc9c0b5bfc9ad
  marcel (1.0.4) sha256=0d5649feb64b8f19f3d3468b96c680bae9746335d02194270287868a661516a4
  matrix (0.4.2) sha256=71083ccbd67a14a43bfa78d3e4dc0f4b503b9cc18e5b4b1d686dc0f9ef7c4cc0
  mini_mime (1.1.5) sha256=8681b7e2e4215f2a159f9400b5816d85e9d8c6c6b491e96a12797e798f8bccef
  minitest (5.22.3) sha256=ea84676290cb5e2b4f31f25751af6050aa90d3e43e4337141c3e3e839611981e
  msgpack (1.7.2) sha256=59ab62fd8a4d0dfbde45009f87eb6f158ab2628a7c48886b0256f175166baaa8
  mutex_m (0.2.0) sha256=b6ef0c6c842ede846f2ec0ade9e266b1a9dac0bc151682b04835e8ebd54840d5
  net-imap (0.4.10) sha256=5275758f4da3735e43f670c5e4db19695c6f7c2493ea0c5e14c23008b890c77e
  net-pop (0.1.2) sha256=848b4e982013c15b2f0382792268763b748cce91c9e91e36b0f27ed26420dff3
  net-protocol (0.2.2) sha256=aa73e0cba6a125369de9837b8d8ef82a61849360eba0521900e2c3713aa162a8
  net-smtp (0.5.0) sha256=5fc0415e6ea1cc0b3dfea7270438ec22b278ca8d524986a3ae4e5ae8d087b42a
  nio4r (2.7.1) sha256=559c9bb19b1aee94e7f3da2e0dbcaecd3a681b653303ba1a94a68b22635c3c96
  nokogiri (1.16.4-aarch64-linux) sha256=bdb1dc4378ebcf3ade8f440c7df68f6d76946a1a96c4823a2b4c53c01a320cd5
  nokogiri (1.16.4-arm-linux) sha256=0c994b9996d5576eddcc3201a94ef2bff6fc3627c4ae4d2708b0ec9b9743ec6a
  nokogiri (1.16.4-arm64-darwin) sha256=8e86abb64c93c06d3c588042a0e757279e8f1dc88b5210a00be892a9a7a27196
  nokogiri (1.16.4-x86-linux) sha256=d86d21bae47dd9f6f5223055e45d33fae08b0b89aad94cbc0ece4f4274fa7af5
  nokogiri (1.16.4-x86_64-darwin) sha256=a896e52a56951ffb0e6a9279afbf485d683e357a053d27f4cfcb2a73b0824628
  nokogiri (1.16.4-x86_64-linux) sha256=92ff4f09910255fec84b3bc4c4b182e94cada3ed12b9f7a6ea058e0af186fb31
  psych (5.1.2) sha256=337322f58fc2bf24827d2b9bd5ab595f6a72971867d151bb39980060ea40a368
  public_suffix (5.0.5) sha256=72c340218bb384610536919988705cc29e09749c0021fd7005f715c7e5dfc493
  puma (6.4.2) sha256=3eb41999d00733280be3faeb00d610331b6965a537a8cd3d905f316c38575b44
  racc (1.7.3) sha256=b785ab8a30ec43bce073c51dbbe791fd27000f68d1c996c95da98bf685316905
  rack (3.0.10) sha256=2fb98cf24147ad6a114a13cac8dd45531f451d2afd5cccabfb346b3aa58c7574
  rack-session (2.0.0) sha256=db04b2063e180369192a9046b4559af311990af38c6a93d4c600cee4eb6d4e81
  rack-test (2.1.0) sha256=0c61fc61904049d691922ea4bb99e28004ed3f43aa5cfd495024cc345f125dfb
  rackup (2.1.0) sha256=6ecb884a581990332e45ee17bdfdc14ccbee46c2f710ae1566019907869a6c4d
  rails (7.1.3.2) sha256=2d787a65e87b70ee65f9d1cb644aaa5bb80eea12298982f474da949772c1bfa0
  rails-dom-testing (2.2.0) sha256=e515712e48df1f687a1d7c380fd7b07b8558faa26464474da64183a7426fa93b
  rails-html-sanitizer (1.6.0) sha256=86e9f19d2e6748890dcc2633c8945ca45baa08a1df9d8c215ce17b3b0afaa4de
  railties (7.1.3.2) sha256=59fcd55cbfb90044ea4c3e9fdea2cf5687385c138cacc4a258a46508b7d36510
  rake (13.2.1) sha256=46cb38dae65d7d74b6020a4ac9d48afed8eb8149c040eccf0523bec91907059d
  rdoc (6.6.3.1) sha256=39f7b749229ab5ad9d21c81586151c1dd7a549fa8be4070ee09b524f9c656345
  regexp_parser (2.9.0) sha256=81a00ba141cec0d4b4bf58cb80cd9193e5180836d3fa6ef623f7886d3ba8bdd9
  reline (0.5.4) sha256=8fd0f813c6bb150384a084f5386ab2c8cec119d41976a8dbd9512255d5a9b893
  rexml (3.2.6) sha256=e0669a2d4e9f109951cb1fde723d8acd285425d81594a2ea929304af50282816
  rubyzip (2.3.2) sha256=3f57e3935dc2255c414484fbf8d673b4909d8a6a57007ed754dde39342d2373f
  selenium-webdriver (4.20.1) sha256=560ca00d45bed16d661089da674290ce81564949888daa1f8659fe77fd39a2ac
  sprockets (4.2.1) sha256=951b13dd2f2fcae840a7184722689a803e0ff9d2702d902bd844b196da773f97
  sprockets-rails (3.4.2) sha256=36d6327757ccf7460a00d1d52b2d5ef0019a4670503046a129fa1fb1300931ad
  sqlite3 (1.7.3-aarch64-linux) sha256=0ccb8c001cd2617f4801a2c816142d3c9bc299e3f3e0f49e03812f3610b0891c
  sqlite3 (1.7.3-arm-linux) sha256=eb653026d44f8502b74564e585245485a5667d72f8888854e53c561f816541b0
  sqlite3 (1.7.3-arm64-darwin) sha256=b956160cc882d2568f332f915c9fe27cae9a4521b202d6e7ea540171c88e4600
  sqlite3 (1.7.3-x86-linux) sha256=95543cad6bbdf1ba822526bcd0aba4a378887d9da906b8bfa250002745f3847e
  sqlite3 (1.7.3-x86_64-darwin) sha256=b88e117ae14b2c5b61a7eb14da24b3b0e93cd3e1c17774ff3b6e5a03ffe4e5b7
  sqlite3 (1.7.3-x86_64-linux) sha256=522a3285660dec8253465880c97980e873db0d79060900be8d14194217a3ee73
  stimulus-rails (1.3.3) sha256=4d1f9ab1d64e605f4c9cdd4cc530a9538b510606d32d02249d106256845c562c
  stringio (3.1.0) sha256=c1f6263ae03a15025e51194ab19b06b15e06adcaaedb7f5f6c06ab60f5d67718
  thor (1.3.1) sha256=fa7e3471d4f6a27138e3d9c9b0d4daac9c3d7383927667ae83e9ab42ae7401ef
  timeout (0.4.1) sha256=6f1f4edd4bca28cffa59501733a94215407c6960bd2107331f0280d4abdebb9a
  turbo-rails (2.0.5) sha256=cef775349c24734e52937997c2c4582a95966b3f81a173a9bcf037074a766229
  tzinfo (2.0.6) sha256=8daf828cc77bcf7d63b0e3bdb6caa47e2272dcfaf4fbfe46f8c3a9df087a829b
  web-console (4.2.1) sha256=e7bcf37a10ea2b4ec4281649d1cee461b32232d0a447e82c786e6841fd22fe20
  webrick (1.8.1) sha256=19411ec6912911fd3df13559110127ea2badd0c035f7762873f58afc803e158f
  websocket (1.2.10) sha256=2cc1a4a79b6e63637b326b4273e46adcddf7871caa5dc5711f2ca4061a629fa8
  websocket-driver (0.7.6) sha256=f69400be7bc197879726ad8e6f5869a61823147372fd8928836a53c2c741d0db
  websocket-extensions (0.1.5) sha256=1c6ba63092cda343eb53fc657110c71c754c56484aad42578495227d717a8241
  xpath (3.2.0) sha256=6dfda79d91bb3b949b947ecc5919f042ef2f399b904013eb3ef6d20dd3a4082e
  zeitwerk (2.6.13) sha256=2db861b021d020f48b5bf51613f355fcd041bf0a27ad8c748fa88fa974c5c7d4

RUBY VERSION
   ruby 3.3.0p0

BUNDLED WITH
   2.5.3
